PATH
  remote: .
  specs:
    fluent-plugin-aggregate (1.0.2)
      dataoperations-aggregate (>= 0.0.1)
      fluentd (>= 0.10.58, < 2)

GEM
  remote: https://rubygems.org/
  specs:
    concurrent-ruby (1.1.6)
    cool.io (1.6.0)
    dataoperations-aggregate (0.0.2)
      descriptive_statistics
    descriptive_statistics (2.5.1)
    fluentd (1.9.3)
      cool.io (>= 1.4.5, < 2.0.0)
      http_parser.rb (>= 0.5.1, < 0.7.0)
      msgpack (>= 1.3.1, < 2.0.0)
      serverengine (>= 2.0.4, < 3.0.0)
      sigdump (~> 0.2.2)
      strptime (>= 0.2.2, < 1.0.0)
      tzinfo (>= 1.0, < 3.0)
      tzinfo-data (~> 1.0)
      yajl-ruby (~> 1.0)
    http_parser.rb (0.6.0)
    msgpack (1.3.3)
    power_assert (1.1.3)
    rake (12.3.2)
    serverengine (2.2.1)
      sigdump (~> 0.2.2)
    sigdump (0.2.4)
    strptime (0.2.3)
    test-unit (3.2.9)
      power_assert
    tzinfo (2.0.1)
      concurrent-ruby (~> 1.0)
    tzinfo-data (1.2019.3)
      tzinfo (>= 1.0.0)
    yajl-ruby (1.4.1)

PLATFORMS
  ruby

DEPENDENCIES
  fluent-plugin-aggregate!
  rake (>= 0.9.2)
  test-unit (>= 3.0.8)

BUNDLED WITH
   1.17.2
